GEM
  remote: https://rubygems.org/
  specs:
    rantly (1.0.0)

PLATFORMS
  ruby

DEPENDENCIES
  rantly

BUNDLED WITH
   1.10.6
