GEM
  remote: https://rubygems.org/
  specs:
    mini_portile2 (2.1.0)
    tiny_tds (1.0.4)
      mini_portile2 (~> 2.0)

PLATFORMS
  ruby

DEPENDENCIES
  tiny_tds

BUNDLED WITH
   1.10.6
