GEM
  remote: https://rubygems.org/
  specs:
    faker (1.6.1)
      i18n (~> 0.5)
    forgery (0.6.0)
    i18n (0.7.0)
    machinist (2.0)
    sham (1.1.0)

PLATFORMS
  ruby

DEPENDENCIES
  faker
  forgery
  machinist
  sham

BUNDLED WITH
   1.10.6
